GEM
  remote: https://rubygems.org/
  specs:
    diff-lcs (1.2.4)
    dotenv (0.8.0)
    foreman (0.63.0)
      dotenv (>= 0.7)
      thor (>= 0.13.6)
    rspec (2.13.0)
      rspec-core (~> 2.13.0)
      rspec-expectations (~> 2.13.0)
      rspec-mocks (~> 2.13.0)
    rspec-core (2.13.1)
    rspec-expectations (2.13.0)
      diff-lcs (>= 1.1.3, < 2.0)
    rspec-mocks (2.13.1)
    simple_bdd (0.0.4)
    thor (0.18.1)

PLATFORMS
  ruby

DEPENDENCIES
  foreman
  rspec
  simple_bdd
